GIT
  remote: https://github.com/openSUSE/simple_review_app
  revision: 6b0024709adebfb2a0427df2ed40df3d0b978624
  specs:
    simple_review_app (0.0.0)
      activemodel (~> 5.1)
      liquid (~> 4.0)
      octokit (~> 4.0)
      rake (~> 12.3)
      zaru (~> 0.2)

GEM
  remote: https://rubygems.org/
  specs:
    activemodel (5.2.3)
      activesupport (= 5.2.3)
    activesupport (5.2.3)
      concurrent-ruby (~> 1.0, >= 1.0.2)
      i18n (>= 0.7, < 2)
      minitest (~> 5.1)
      tzinfo (~> 1.1)
    addressable (2.6.0)
      public_suffix (>= 2.0.2, < 4.0)
    concurrent-ruby (1.1.5)
    faraday (0.15.4)
      multipart-post (>= 1.2, < 3)
    i18n (1.6.0)
      concurrent-ruby (~> 1.0)
    liquid (4.0.3)
    minitest (5.11.3)
    multipart-post (2.1.1)
    octokit (4.14.0)
      sawyer (~> 0.8.0, >= 0.5.3)
    public_suffix (3.1.1)
    rake (12.3.3)
    sawyer (0.8.2)
      addressable (>= 2.3.5)
      faraday (> 0.8, < 2.0)
    thread_safe (0.3.6)
    tzinfo (1.2.5)
      thread_safe (~> 0.1)
    zaru (0.3.0)

PLATFORMS
  ruby

DEPENDENCIES
  simple_review_app!

BUNDLED WITH
   1.17.3
